PATH
  remote: .
  specs:
    ruleby (0.9.b7)

GEM
  remote: https://rubygems.org/
  specs:
    diff-lcs (1.4.4)
    power_assert (2.0.0)
    psych (4.0.1)
    rake (13.0.3)
    rdoc (6.3.1)
      psych (>= 4.0.0)
    rspec (3.10.0)
      rspec-core (~> 3.10.0)
      rspec-expectations (~> 3.10.0)
      rspec-mocks (~> 3.10.0)
    rspec-core (3.10.1)
      rspec-support (~> 3.10.0)
    rspec-expectations (3.10.1)
      diff-lcs (>= 1.2.0, < 2.0)
      rspec-support (~> 3.10.0)
    rspec-mocks (3.10.2)
      diff-lcs (>= 1.2.0, < 2.0)
      rspec-support (~> 3.10.0)
    rspec-support (3.10.2)
    test-unit (3.4.4)
      power_assert

PLATFORMS
  powerpc64le-linux

DEPENDENCIES
  rake
  rdoc
  rspec
  ruleby!
  test-unit

BUNDLED WITH
   2.3.0.dev
